PATH
  remote: .
  specs:
    bing-ads-simple-api (0.1.0)
      json
      rubyzip
      savon (~> 2.0)

GEM
  remote: https://rubygems.org/
  specs:
    akami (1.3.1)
      gyoku (>= 0.4.0)
      nokogiri
    builder (3.2.3)
    coderay (1.1.2)
    diff-lcs (1.3)
    gyoku (1.3.1)
      builder (>= 2.1.2)
    httpi (2.4.3)
      rack
      socksify
    json (2.6.0)
    method_source (0.9.0)
    mini_portile2 (2.3.0)
    nokogiri (1.8.2)
      mini_portile2 (~> 2.3.0)
    nori (2.6.0)
    pry (0.11.3)
      coderay (~> 1.1.0)
      method_source (~> 0.9.0)
    rack (2.0.5)
    rake (10.5.0)
    rspec (3.7.0)
      rspec-core (~> 3.7.0)
      rspec-expectations (~> 3.7.0)
      rspec-mocks (~> 3.7.0)
    rspec-core (3.7.1)
      rspec-support (~> 3.7.0)
    rspec-expectations (3.7.0)
      diff-lcs (>= 1.2.0, < 2.0)
      rspec-support (~> 3.7.0)
    rspec-mocks (3.7.0)
      diff-lcs (>= 1.2.0, < 2.0)
      rspec-support (~> 3.7.0)
    rspec-support (3.7.1)
    rspec_junit_formatter (0.4.1)
      rspec-core (>= 2, < 4, != 2.12.0)
    rubyzip (1.2.1)
    savon (2.12.0)
      akami (~> 1.2)
      builder (>= 2.1.2)
      gyoku (~> 1.2)
      httpi (~> 2.3)
      nokogiri (>= 1.8.1)
      nori (~> 2.4)
      wasabi (~> 3.4)
    socksify (1.7.1)
    wasabi (3.5.0)
      httpi (~> 2.0)
      nokogiri (>= 1.4.2)

PLATFORMS
  ruby

DEPENDENCIES
  bing-ads-simple-api!
  bundler (~> 1.17.2)
  pry
  rake (~> 10.0)
  rspec (~> 3.0)
  rspec_junit_formatter

BUNDLED WITH
   1.17.3
